GEM
  remote: https://rubygems.org/
  specs:
    dtr_core (0.1.2)
    webrick (1.8.1)

PLATFORMS
  arm64-darwin-22
  ruby

DEPENDENCIES
  dtr_core (~> 0.1.2)
  webrick (~> 1.8)

RUBY VERSION
   ruby 3.2.2p53

BUNDLED WITH
   2.5.7
