GEM
  remote: https://rubygems.org/
  specs:
    cowsay (0.3.0)

PLATFORMS
  arm64-darwin-22
  ruby

DEPENDENCIES
  cowsay (~> 0.3.0)

RUBY VERSION
   ruby 3.2.2p53

BUNDLED WITH
   2.5.7
